GEM
  remote: https://rubygems.org/
  specs:
    ast (2.4.1)
    coderay (1.1.2)
    diff-lcs (1.3)
    method_source (0.9.2)
    mustermann (1.1.1)
      ruby2_keywords (~> 0.0.1)
    parallel (1.19.2)
    parser (2.7.2.0)
      ast (~> 2.4.1)
    pry (0.12.2)
      coderay (~> 1.1.0)
      method_source (~> 0.9.0)
    rack (2.2.3)
    rack-protection (2.1.0)
      rack
    rainbow (3.0.0)
    rake (12.3.3)
    regexp_parser (1.8.2)
    rexml (3.2.4)
    rspec (3.8.0)
      rspec-core (~> 3.8.0)
      rspec-expectations (~> 3.8.0)
      rspec-mocks (~> 3.8.0)
    rspec-core (3.8.2)
      rspec-support (~> 3.8.0)
    rspec-expectations (3.8.4)
      diff-lcs (>= 1.2.0, < 2.0)
      rspec-support (~> 3.8.0)
    rspec-mocks (3.8.1)
      diff-lcs (>= 1.2.0, < 2.0)
      rspec-support (~> 3.8.0)
    rspec-support (3.8.2)
    rubocop (0.93.1)
      parallel (~> 1.10)
      parser (>= 2.7.1.5)
      rainbow (>= 2.2.2, < 4.0)
      regexp_parser (>= 1.8)
      rexml
      rubocop-ast (>= 0.6.0)
      ruby-progressbar (~> 1.7)
      unicode-display_width (>= 1.4.0, < 2.0)
    rubocop-ast (0.8.0)
      parser (>= 2.7.1.5)
    ruby-progressbar (1.10.1)
    ruby2_keywords (0.0.2)
    sinatra (2.1.0)
      mustermann (~> 1.0)
      rack (~> 2.2)
      rack-protection (= 2.1.0)
      tilt (~> 2.0)
    tilt (2.0.10)
    unicode-display_width (1.7.0)
    yard (0.9.25)

PLATFORMS
  ruby

DEPENDENCIES
  pry!
  rake (~> 12)!
  rspec (~> 3.0)!
  rubocop!
  sinatra (~> 2.1)!
  yard (~> 0.9)!

BUNDLED WITH
   2.0.2
